GEM
  remote: https://rubygems.org/
  specs:
    addressable (2.5.0)
      public_suffix (~> 2.0, >= 2.0.2)
    ast (2.3.0)
    colorator (1.1.0)
    ffi (1.9.14)
    forwardable-extended (2.6.0)
    jekyll (3.3.1)
      addressable (~> 2.4)
      colorator (~> 1.0)
      jekyll-sass-converter (~> 1.0)
      jekyll-watch (~> 1.1)
      kramdown (~> 1.3)
      liquid (~> 3.0)
      mercenary (~> 0.3.3)
      pathutil (~> 0.9)
      rouge (~> 1.7)
      safe_yaml (~> 1.0)
    jekyll-sass-converter (1.5.0)
      sass (~> 3.4)
    jekyll-watch (1.5.0)
      listen (~> 3.0, < 3.1)
    kramdown (1.13.1)
    liquid (3.0.6)
    listen (3.0.8)
      rb-fsevent (~> 0.9, >= 0.9.4)
      rb-inotify (~> 0.9, >= 0.9.7)
    mdl (0.4.0)
      kramdown (~> 1.12, >= 1.12.0)
      mixlib-cli (~> 1.7, >= 1.7.0)
      mixlib-config (~> 2.2, >= 2.2.1)
    mercenary (0.3.6)
    mixlib-cli (1.7.0)
    mixlib-config (2.2.4)
    parser (2.3.3.1)
      ast (~> 2.2)
    pathutil (0.14.0)
      forwardable-extended (~> 2.6)
    powerpack (0.1.1)
    public_suffix (2.0.4)
    rainbow (2.1.0)
    rake (11.3.0)
    rb-fsevent (0.9.8)
    rb-inotify (0.9.7)
      ffi (>= 0.5.0)
    rouge (1.11.1)
    rubocop (0.40.0)
      parser (>= 2.3.1.0, < 3.0)
      powerpack (~> 0.1)
      rainbow (>= 1.99.1, < 3.0)
      ruby-progressbar (~> 1.7)
      unicode-display_width (~> 1.0, >= 1.0.1)
    ruby-progressbar (1.8.1)
    safe_yaml (1.0.4)
    sass (3.4.22)
    unicode-display_width (1.1.2)
    yaml-lint (0.0.9)

PLATFORMS
  ruby

DEPENDENCIES
  jekyll (~> 3.3, >= 3.3.1)
  mdl (~> 0.4.0)
  rake (~> 11.1, >= 11.1.2)
  rubocop (~> 0.40.0)
  yaml-lint (~> 0.0.4)

BUNDLED WITH
   1.13.6
