GEM
  remote: https://rubygems.org/
  specs:
    colorator (0.1)
    ffi (1.9.10)
    jekyll (3.1.3)
      colorator (~> 0.1)
      jekyll-sass-converter (~> 1.0)
      jekyll-watch (~> 1.1)
      kramdown (~> 1.3)
      liquid (~> 3.0)
      mercenary (~> 0.3.3)
      rouge (~> 1.7)
      safe_yaml (~> 1.0)
    jekyll-sass-converter (1.4.0)
      sass (~> 3.4)
    jekyll-watch (1.4.0)
      listen (~> 3.0, < 3.1)
    kramdown (1.11.1)
    liquid (3.0.6)
    listen (3.0.7)
      rb-fsevent (>= 0.9.3)
      rb-inotify (>= 0.9.7)
    mdl (0.3.1)
      kramdown (~> 1.8, >= 1.8.0)
      mixlib-cli (~> 1.5, >= 1.5.0)
      mixlib-config (~> 2.1, >= 2.1.0)
    mercenary (0.3.6)
    mixlib-cli (1.6.0)
    mixlib-config (2.2.1)
    rake (11.1.2)
    rb-fsevent (0.9.7)
    rb-inotify (0.9.7)
      ffi (>= 0.5.0)
    rouge (1.10.1)
    safe_yaml (1.0.4)
    sass (3.4.22)
    yaml-lint (0.0.7)

PLATFORMS
  ruby

DEPENDENCIES
  jekyll (~> 3.1, >= 3.1.3)
  mdl (~> 0.3.1)
  rake (~> 11.1, >= 11.1.2)
  yaml-lint (~> 0.0.4)

BUNDLED WITH
   1.10.6
